GEM
  remote: https://rubygems.org/
  specs:
    rack (2.2.6.2)
    rulers (0.0.2)
      rack (~> 2.2)
      webrick
    webrick (1.8.1)

PLATFORMS
  x86_64-darwin-21

DEPENDENCIES
  rulers

BUNDLED WITH
   2.2.32
